GEM
  remote: https://rubygems.org/
  specs:
    redmine_github_hook (2.2.1)

PLATFORMS
  x64-mingw32

DEPENDENCIES
  redmine_github_hook

BUNDLED WITH
   2.0.1
